GIT
  remote: git://github.com/thomas-mcdonald/bootstrap-sass
  revision: 433891e27d0ca43db7b6078621149b6c8d51c46c
  branch: 2.1-wip
  specs:
    bootstrap-sass (2.1.0.0)

GIT
  remote: https://github.com/jronallo/webvtt.git
  revision: b7b65904f394068ee456d90d5e5c5e5a341a3871
  specs:
    webvtt (0.0.1)

GIT
  remote: https://github.com/tobsch/mediaelement_rails.git
  revision: 78d45ed8ab5b00a0c697fe2276489c6b899d184b
  specs:
    mediaelement_rails (0.4.0)
      jquery-rails (>= 1.0)
      railties (>= 3.1)

PATH
  remote: .
  specs:
    kinney (0.0.1)
      activeadmin
      chosen-rails
      ckeditor (= 3.7.1)
      font-awesome-sass-rails
      formtastic (~> 2.2.1)
      formtastic-bootstrap
      friendly_id (~> 4.0.1)
      html_truncator (~> 0.2)
      httpclient
      jquery-tablesorter (~> 1.3.0)
      meta_search
      rails (~> 3.2.12)
      strip_attributes (~> 1.4)
      tire

GEM
  remote: http://rubygems.org/
  specs:
    actionmailer (3.2.12)
      actionpack (= 3.2.12)
      mail (~> 2.4.4)
    actionpack (3.2.12)
      activemodel (= 3.2.12)
      activesupport (= 3.2.12)
      builder (~> 3.0.0)
      erubis (~> 2.7.0)
      journey (~> 1.0.4)
      rack (~> 1.4.5)
      rack-cache (~> 1.2)
      rack-test (~> 0.6.1)
      sprockets (~> 2.2.1)
    activeadmin (0.5.1)
      arbre (>= 1.0.1)
      bourbon (>= 1.0.0)
      devise (>= 1.1.2)
      fastercsv
      formtastic (>= 2.0.0)
      inherited_resources (>= 1.3.1)
      jquery-rails (>= 1.0.0)
      kaminari (>= 0.13.0)
      meta_search (>= 0.9.2)
      rails (>= 3.0.0)
      sass (>= 3.1.0)
    activemodel (3.2.12)
      activesupport (= 3.2.12)
      builder (~> 3.0.0)
    activerecord (3.2.12)
      activemodel (= 3.2.12)
      activesupport (= 3.2.12)
      arel (~> 3.0.2)
      tzinfo (~> 0.3.29)
    activeresource (3.2.12)
      activemodel (= 3.2.12)
      activesupport (= 3.2.12)
    activesupport (3.2.12)
      i18n (~> 0.6)
      multi_json (~> 1.0)
    addressable (2.3.2)
    arbre (1.0.1)
      activesupport (>= 3.0.0)
    arel (3.0.2)
    bcrypt-ruby (3.0.1)
    bourbon (3.1.1)
      sass (>= 3.2.0)
      thor
    builder (3.0.4)
    capybara (2.0.2)
      mime-types (>= 1.16)
      nokogiri (>= 1.3.3)
      rack (>= 1.0.0)
      rack-test (>= 0.5.4)
      selenium-webdriver (~> 2.0)
      xpath (~> 1.0.0)
    childprocess (0.3.8)
      ffi (~> 1.0, >= 1.0.11)
    chosen-rails (0.9.12)
      coffee-rails (>= 3.2)
      railties (>= 3.0)
      sass-rails (>= 3.2)
    ckeditor (3.7.1)
      mime-types
      orm_adapter
    coderay (1.0.8)
    coffee-rails (3.2.2)
      coffee-script (>= 2.2.0)
      railties (~> 3.2.0)
    coffee-script (2.2.0)
      coffee-script-source
      execjs
    coffee-script-source (1.3.3)
    database_cleaner (0.9.1)
    devise (2.2.3)
      bcrypt-ruby (~> 3.0)
      orm_adapter (~> 0.1)
      railties (~> 3.1)
      warden (~> 1.2.1)
    djatoka (0.1.0)
      addressable
      hashie
      json
      trollop
    em-websocket (0.4.0)
      eventmachine (>= 0.12.9)
      http_parser.rb (~> 0.5.3)
    erubis (2.7.0)
    eventmachine (1.0.0)
    execjs (1.4.0)
      multi_json (~> 1.0)
    fastercsv (1.5.5)
    ffi (1.4.0)
    font-awesome-sass-rails (3.0.2.2)
      railties (>= 3.1.1)
      sass-rails (>= 3.1.1)
    formtastic (2.2.1)
      actionpack (>= 3.0)
    formtastic-bootstrap (2.0.0)
      formtastic (~> 2.2)
      formtastic-bootstrap
    friendly_id (4.0.9)
    guard (1.4.0)
      listen (>= 0.4.2)
      thor (>= 0.14.6)
    guard-livereload (1.0.1)
      em-websocket (>= 0.2.0)
      guard (>= 1.1.0)
      multi_json (~> 1.0)
    guard-test (0.5.0)
      guard (>= 1.1.0)
      test-unit (~> 2.2)
    has_scope (0.5.1)
    hashie (1.2.0)
    hashr (0.0.22)
    hike (1.2.1)
    html_truncator (0.3.0)
      nokogiri (~> 1.4)
    http_parser.rb (0.5.3)
    httpclient (2.3.3)
    i18n (0.6.1)
    inherited_resources (1.3.1)
      has_scope (~> 0.5.0)
      responders (~> 0.6)
    journey (1.0.4)
    jquery-rails (2.1.3)
      railties (>= 3.1.0, < 5.0)
      thor (~> 0.14)
    jquery-tablesorter (1.3.0)
      railties (~> 3.1)
    json (1.7.7)
    kaminari (0.14.1)
      actionpack (>= 3.0.0)
      activesupport (>= 3.0.0)
    launchy (2.1.2)
      addressable (~> 2.3)
    libv8 (3.3.10.4)
    listen (0.5.3)
    mail (2.4.4)
      i18n (>= 0.4.0)
      mime-types (~> 1.16)
      treetop (~> 1.4.8)
    meta_search (1.1.3)
      actionpack (~> 3.1)
      activerecord (~> 3.1)
      activesupport (~> 3.1)
      polyamorous (~> 0.5.0)
    metaclass (0.0.1)
    method_source (0.8)
    mime-types (1.21)
    mocha (0.12.7)
      metaclass (~> 0.0.1)
    multi_json (1.6.1)
    nokogiri (1.5.6)
    orm_adapter (0.4.0)
    polyamorous (0.5.0)
      activerecord (~> 3.0)
    polyglot (0.3.3)
    pry (0.9.10)
      coderay (~> 1.0.5)
      method_source (~> 0.8)
      slop (~> 3.3.1)
    pry-rails (0.2.2)
      pry (>= 0.9.10)
    rack (1.4.5)
    rack-cache (1.2)
      rack (>= 0.4)
    rack-ssl (1.3.3)
      rack
    rack-test (0.6.2)
      rack (>= 1.0)
    rails (3.2.12)
      actionmailer (= 3.2.12)
      actionpack (= 3.2.12)
      activerecord (= 3.2.12)
      activeresource (= 3.2.12)
      activesupport (= 3.2.12)
      bundler (~> 1.0)
      railties (= 3.2.12)
    railties (3.2.12)
      actionpack (= 3.2.12)
      activesupport (= 3.2.12)
      rack-ssl (~> 1.3.2)
      rake (>= 0.8.7)
      rdoc (~> 3.4)
      thor (>= 0.14.6, < 2.0)
    rake (10.0.3)
    rb-readline (0.4.2)
    rdoc (3.12.1)
      json (~> 1.4)
    responders (0.9.3)
      railties (~> 3.1)
    rest-client (1.6.7)
      mime-types (>= 1.16)
    rubyzip (0.9.9)
    sass (3.2.1)
    sass-rails (3.2.5)
      railties (~> 3.2.0)
      sass (>= 3.1.10)
      tilt (~> 1.3)
    selenium-webdriver (2.29.0)
      childprocess (>= 0.2.5)
      multi_json (~> 1.0)
      rubyzip
      websocket (~> 1.0.4)
    sextant (0.1.3)
      activesupport (>= 3.2)
      rails (>= 3.2)
    slop (3.3.3)
    sprockets (2.2.2)
      hike (~> 1.2)
      multi_json (~> 1.0)
      rack (~> 1.0)
      tilt (~> 1.1, != 1.3.0)
    sqlite3 (1.3.6)
    strip_attributes (1.4.1)
      activemodel (~> 3.0)
    test-unit (2.5.2)
    therubyracer (0.10.2)
      libv8 (~> 3.3.10)
    thor (0.17.0)
    tilt (1.3.3)
    tire (0.5.5)
      activemodel (>= 3.0)
      activesupport
      hashr (~> 0.0.19)
      multi_json (~> 1.3)
      rake
      rest-client (~> 1.6)
    treetop (1.4.12)
      polyglot
      polyglot (>= 0.3.1)
    trollop (2.0)
    tzinfo (0.3.35)
    uglifier (1.3.0)
      execjs (>= 0.3.0)
      multi_json (~> 1.0, >= 1.0.2)
    warden (1.2.1)
      rack (>= 1.0)
    websocket (1.0.7)
    xpath (1.0.0)
      nokogiri (~> 1.3)

PLATFORMS
  ruby

DEPENDENCIES
  bootstrap-sass!
  capybara (~> 2.0.2)
  coffee-rails (~> 3.2.1)
  database_cleaner
  djatoka
  font-awesome-sass-rails
  guard-livereload
  guard-test
  jquery-rails
  kinney!
  launchy
  mediaelement_rails!
  mocha
  pry-rails
  rb-readline
  sass-rails (~> 3.2.3)
  sextant
  sqlite3
  test-unit
  therubyracer
  uglifier (>= 1.0.3)
  webvtt!
